PATH
  remote: .
  specs:
    bitfinex (0.1.0)
      chronic
      colored
      hashie
      httparty
      pusher-client

GEM
  remote: https://rubygems.org/
  specs:
    byebug (3.5.1)
      columnize (~> 0.8)
      debugger-linecache (~> 1.2)
      slop (~> 3.6)
    chronic (0.10.2)
    colored (1.2)
    columnize (0.9.0)
    debugger-linecache (1.2.0)
    hashie (3.4.0)
    httparty (0.13.3)
      json (~> 1.8)
      multi_xml (>= 0.5.2)
    json (1.8.2)
    multi_xml (0.5.5)
    pusher-client (0.6.0)
      json
      websocket (~> 1.0)
    slop (3.6.0)
    websocket (1.2.1)

PLATFORMS
  ruby

DEPENDENCIES
  bitfinex!
  byebug
